GIT
  remote: git@github.com:circleci/rspec_junit_formatter.git
  revision: 7b098c8ab2ac5e5f78190b51629ed6d67a9de4d1
  specs:
    rspec_junit_formatter (0.2.0)
      builder (< 4)
      rspec (>= 2, < 4)
      rspec-core (!= 2.12.0)

PATH
  remote: .
  specs:
    nest_thermostat (0.0.4)
      httparty (~> 0.8.3)

GEM
  remote: https://rubygems.org/
  specs:
    awesome_print (1.0.2)
    builder (3.2.2)
    coderay (1.0.9)
    diff-lcs (1.1.3)
    dotenv (0.6.0)
    httparty (0.8.3)
      multi_json (~> 1.0)
      multi_xml
    method_source (0.8.1)
    multi_json (1.10.1)
    multi_xml (0.5.5)
    pry (0.9.12)
      coderay (~> 1.0.5)
      method_source (~> 0.8)
      slop (~> 3.4)
    rspec (2.10.0)
      rspec-core (~> 2.10.0)
      rspec-expectations (~> 2.10.0)
      rspec-mocks (~> 2.10.0)
    rspec-core (2.10.1)
    rspec-expectations (2.10.0)
      diff-lcs (~> 1.1.3)
    rspec-mocks (2.10.1)
    slop (3.4.4)

PLATFORMS
  ruby

DEPENDENCIES
  awesome_print
  dotenv
  nest_thermostat!
  pry
  rspec (~> 2.10)
  rspec_junit_formatter!
